GEM
  remote: https://rubygems.org/
  specs:
    fuzzy_match (2.1.0)
    mini_portile2 (2.6.1)
    nokogiri (1.12.5)
      mini_portile2 (~> 2.6.1)
      racc (~> 1.4)
    racc (1.5.2)
    rb-scpt (1.0.1)

PLATFORMS
  ruby

DEPENDENCIES
  fuzzy_match
  nokogiri
  rb-scpt

BUNDLED WITH
   1.13.7
