GEM
  remote: https://rubygems.org/
  specs:
    fuzzy_match (2.1.0)
    mini_portile2 (2.8.1)
    nokogiri (1.14.3)
      mini_portile2 (~> 2.8.0)
      racc (~> 1.4)
    racc (1.6.2)
    rb-scpt (1.0.1)

PLATFORMS
  ruby

DEPENDENCIES
  fuzzy_match
  nokogiri
  rb-scpt

BUNDLED WITH
   1.13.7
